GIT
  remote: https://github.com/SciRuby/daru.git
  revision: fc181a8f904b07dbb7057f142bc17c11e716223b
  specs:
    daru (0.1.5)
      backports

GIT
  remote: https://github.com/sciruby/nyaplot.git
  revision: 662ebc60b0d1e9fbebe7e06530d8450d266ebbdd
  specs:
    nyaplot (0.1.6)

PATH
  remote: ../..
  specs:
    daru-view (0.1.0)

GEM
  remote: http://rubygems.org/
  specs:
    actionview (5.1.2)
      activesupport (= 5.1.2)
      builder (~> 3.1)
      erubi (~> 1.4)
      rails-dom-testing (~> 2.0)
      rails-html-sanitizer (~> 1.0, >= 1.0.3)
    activesupport (5.1.2)
      concurrent-ruby (~> 1.0, >= 1.0.2)
      i18n (~> 0.7)
      minitest (~> 5.1)
      tzinfo (~> 1.1)
    adsf (1.2.1)
      rack (>= 1.0.0)
    ast (2.3.0)
    backports (3.8.0)
    builder (3.2.3)
    byebug (9.0.6)
    coderay (1.1.1)
    colored (1.2)
    concurrent-ruby (1.0.5)
    cri (2.9.1)
      colored (~> 1.2)
    ddplugin (1.0.1)
    diff-lcs (1.3)
    docile (1.1.5)
    erubi (1.6.1)
    google_visualr (2.5.1)
    hamster (3.0.0)
      concurrent-ruby (~> 1.0)
    hash-deep-merge (0.1.1)
    i18n (0.8.4)
    json (2.1.0)
    lazy_high_charts (1.5.8)
      hash-deep-merge
    loofah (2.0.3)
      nokogiri (>= 1.5.9)
    method_source (0.8.2)
    mini_portile2 (2.2.0)
    minitest (5.10.2)
    nanoc (4.7.13)
      cri (~> 2.8)
      ddplugin (~> 1.0)
      hamster (~> 3.0)
      ref (~> 2.0)
    nokogiri (1.8.0)
      mini_portile2 (~> 2.2.0)
    parallel (1.11.2)
    parser (2.4.0.0)
      ast (~> 2.2)
    powerpack (0.1.1)
    pry (0.10.4)
      coderay (~> 1.1.0)
      method_source (~> 0.8.1)
      slop (~> 3.4)
    pry-byebug (3.4.2)
      byebug (~> 9.0)
      pry (~> 0.10)
    rack (2.0.3)
    rails-dom-testing (2.0.3)
      activesupport (>= 4.2.0)
      nokogiri (>= 1.6)
    rails-html-sanitizer (1.0.3)
      loofah (~> 2.0)
    rainbow (2.2.2)
      rake
    rake (10.5.0)
    ref (2.0.0)
    rspec (3.6.0)
      rspec-core (~> 3.6.0)
      rspec-expectations (~> 3.6.0)
      rspec-mocks (~> 3.6.0)
    rspec-core (3.6.0)
      rspec-support (~> 3.6.0)
    rspec-expectations (3.6.0)
      diff-lcs (>= 1.2.0, < 2.0)
      rspec-support (~> 3.6.0)
    rspec-mocks (3.6.0)
      diff-lcs (>= 1.2.0, < 2.0)
      rspec-support (~> 3.6.0)
    rspec-support (3.6.0)
    rubocop (0.49.1)
      parallel (~> 1.10)
      parser (>= 2.3.3.1, < 3.0)
      powerpack (~> 0.1)
      rainbow (>= 1.99.1, < 3.0)
      ruby-progressbar (~> 1.7)
      unicode-display_width (~> 1.0, >= 1.0.1)
    ruby-progressbar (1.8.1)
    simplecov (0.14.1)
      docile (~> 1.1.0)
      json (>= 1.8, < 3)
      simplecov-html (~> 0.10.0)
    simplecov-html (0.10.1)
    slop (3.6.0)
    thread_safe (0.3.6)
    tzinfo (1.2.3)
      thread_safe (~> 0.1)
    unicode-display_width (1.3.0)

PLATFORMS
  ruby

DEPENDENCIES
  actionview
  adsf
  bundler (~> 1.14)
  daru!
  daru-view!
  google_visualr
  lazy_high_charts
  nanoc
  nokogiri
  nyaplot!
  pry (~> 0.10)
  pry-byebug
  rake (~> 10.0)
  rspec (~> 3.4)
  rubocop
  simplecov

BUNDLED WITH
   1.15.1
